GEM
  remote: http://rubygems.org/
  specs:
    addressable (2.3.2)
    coderay (1.0.8)
    diff-lcs (1.1.3)
    ffi (1.3.1)
    growl (1.0.3)
    guard (1.6.1)
      listen (>= 0.6.0)
      lumberjack (>= 1.0.2)
      pry (>= 0.9.10)
      thor (>= 0.14.6)
    guard-redis (0.2.2)
      guard (>= 0.4.0)
      redis (>= 2.2.2)
    guard-rspec (2.4.0)
      guard (>= 1.1)
      rspec (~> 2.11)
    guard-webrick (0.1.4)
      ffi
      guard (~> 1.0)
      launchy (~> 2.1.0)
      spoon (~> 0.0.1)
    launchy (2.1.2)
      addressable (~> 2.3)
    listen (0.7.2)
    lumberjack (1.0.2)
    macaddr (1.6.1)
      systemu (~> 2.5.0)
    method_source (0.8.1)
    pry (0.9.11.4)
      coderay (~> 1.0.5)
      method_source (~> 0.8)
      slop (~> 3.4)
    rack (1.5.0)
    rack-protection (1.3.2)
      rack
    rb-fsevent (0.9.2)
    redis (3.0.2)
    rqrcode (0.4.2)
    rspec (2.12.0)
      rspec-core (~> 2.12.0)
      rspec-expectations (~> 2.12.0)
      rspec-mocks (~> 2.12.0)
    rspec-core (2.12.2)
    rspec-expectations (2.12.1)
      diff-lcs (~> 1.1.3)
    rspec-mocks (2.12.1)
    sinatra (1.3.3)
      rack (~> 1.3, >= 1.3.6)
      rack-protection (~> 1.2)
      tilt (~> 1.3, >= 1.3.3)
    slop (3.4.3)
    spoon (0.0.1)
    systemu (2.5.2)
    thor (0.17.0)
    tilt (1.3.3)
    uuid (2.3.6)
      macaddr (~> 1.0)

PLATFORMS
  ruby

DEPENDENCIES
  growl
  guard
  guard-redis
  guard-rspec
  guard-webrick
  rb-fsevent
  redis
  rqrcode
  rspec
  sinatra
  uuid
